GEM
  remote: https://rubygems.org/
  specs:
    aws-eventstream (1.1.1)
    aws-sigv4 (1.2.3)
      aws-eventstream (~> 1, >= 1.0.2)
    vault (0.16.0)
      aws-sigv4

PLATFORMS
  ruby

DEPENDENCIES
  vault

BUNDLED WITH
   2.1.4
